GEM
  remote: https://rubygems.org/
  specs:
    builder (3.2.2)
    httparty (0.13.1)
      json (~> 1.8)
      multi_xml (>= 0.5.2)
    json (1.8.1)
    multi_xml (0.5.5)
    ruby-freshbooks (0.4.1)
      builder (>= 2.1.2)
      httparty (>= 0.5.0)
    slim (2.0.3)
      temple (~> 0.6.6)
      tilt (>= 1.3.3, < 2.1)
    temple (0.6.8)
    tilt (2.0.1)

PLATFORMS
  ruby

DEPENDENCIES
  ruby-freshbooks
  slim
  tilt
